GEM
  remote: https://rubygems.org/
  specs:
    pkg-config (1.5.1)
    rmagick (5.1.0)
      pkg-config (~> 1.4)
    rtesseract (3.1.2)

PLATFORMS
  x86_64-darwin-21

DEPENDENCIES
  rmagick
  rtesseract

BUNDLED WITH
   2.3.10
